NUGET
  remote: https://www.nuget.org/api/v2
    FAKE (4.26)
    FunScript (1.1.94)
GIT
  remote: https://github.com/ionide/ionide-helpers.git
     (9b047eed73f8a841bb6385cdd5d6d3a4fdc2510d)
      build: build.cmd
  remote: https://github.com/ionide/FsInteractiveService.git
     (e5f1430ff9ed496b4b2a400e666803e31f4afd8a)
      build: build.cmd CopyBinaries
GITHUB
  remote: ionide/ionide-fsharp
    src/Core/Control.fs (40e518c1f1ea19fd5c9210dcd33059c73b97fd79)
    src/Core/Logging.fs (40e518c1f1ea19fd5c9210dcd33059c73b97fd79)