NUGET
  remote: https://www.nuget.org/api/v2
  specs:
    FAKE (4.4.1)
    FunScript (1.1.94)
GIT
  remote: git@github.com:ionide/ionide-helpers.git
  specs:
     (c710f3905e640f04eb26d1d016842b3e76ff457e)
      build: build.cmd