NUGET
  remote: https://www.nuget.org/api/v2
  specs:
    FAKE (4.25.4)
    FunScript (1.1.94)
GIT
  remote: git@github.com:ionide/ionide-helpers.git
  specs:
     (9b047eed73f8a841bb6385cdd5d6d3a4fdc2510d)
      build: build.cmd