NUGET
  remote: https://www.nuget.org/api/v2
    FAKE (4.25.4)
    FunScript (1.1.94)
GIT
  remote: https://github.com/ionide/ionide-helpers.git
     (9b047eed73f8a841bb6385cdd5d6d3a4fdc2510d)
      build: build.cmd
  remote: https://github.com/tpetricek/FsInteractiveService.git
     (f58c277a72d6009cfba0332b8035d3af3fb7ab8c)
      build: build.cmd CopyBinaries
GITHUB
  remote: ionide/ionide-fsharp
    src/Core/Control.fs (52b96857cad89a311edd7b8800640c5b328bd654)
    src/Core/Events.fs (52b96857cad89a311edd7b8800640c5b328bd654)