NUGET
  remote: https://www.nuget.org/api/v2
    FAKE (4.29.2)
    FunScript (1.1.94)
GIT
  remote: https://github.com/ionide/ionide-helpers.git
     (9b047eed73f8a841bb6385cdd5d6d3a4fdc2510d)
      build: build.cmd
  remote: https://github.com/ionide/FsInteractiveService.git
     (1868abbdb53ce3db9fd8a3714cc93501c1b5dda4)
      build: build.cmd CopyBinaries
GITHUB
  remote: ionide/ionide-fsharp
    src/Core/Control.fs (7a8796cefbd557b0b66550fa9fba346d75812c79)
    src/Core/Logging.fs (7a8796cefbd557b0b66550fa9fba346d75812c79)